GEM
  remote: https://rubygems.org/
  specs:
    salesforce_bulk (1.0.3)
      xml-simple
    xml-simple (1.1.2)

PLATFORMS
  ruby

DEPENDENCIES
  salesforce_bulk
